PATH
  remote: .
  specs:
    acts_as_account (1.1.5)
      actionpack (= 2.3.11)
      activerecord (= 2.3.11)

GEM
  remote: http://rubygems.org/
  specs:
    actionpack (2.3.11)
      activesupport (= 2.3.11)
      rack (~> 1.1.0)
    activerecord (2.3.11)
      activesupport (= 2.3.11)
    activesupport (2.3.11)
    builder (3.0.0)
    cucumber (0.10.0)
      builder (>= 2.1.2)
      diff-lcs (~> 1.1.2)
      gherkin (~> 2.3.2)
      json (~> 1.4.6)
      term-ansicolor (~> 1.0.5)
    database_cleaner (0.6.3)
    diff-lcs (1.1.2)
    gherkin (2.3.3)
      json (~> 1.4.6)
    json (1.4.6)
    mysql (2.8.1)
    rack (1.1.0)
    term-ansicolor (1.0.5)

PLATFORMS
  ruby

DEPENDENCIES
  acts_as_account!
  cucumber (= 0.10.0)
  database_cleaner (= 0.6.3)
  mysql (= 2.8.1)
